GIT
  remote: git://github.com/Nerian/bootstrap-wysihtml5-rails.git
  revision: b4b2e441b2c831239fab0e54d78be8fe2ed66023
  specs:
    bootstrap-wysihtml5-rails (0.2.9)
      railties (>= 3.0)

GIT
  remote: git://github.com/katalyst/awesome_nested_fields.git
  revision: bc9c686234c5ebff6f8052d613576cfff159434f
  specs:
    awesome_nested_fields (0.5.3)
      rails (>= 3.0.0)

GIT
  remote: git://github.com/katalyst/koi_config.git
  revision: d25a662fce55b794b289250c4d7f5d2f808e0f5d
  specs:
    koi_config (0.0.1)

GIT
  remote: git://github.com/svenfuchs/i18n-active_record.git
  revision: 4628202f676aecfbc00d404342e61f75078d9439
  branch: rails-3.2
  specs:
    i18n-active_record (0.0.2)
      i18n (>= 0.6.0)

GIT
  remote: git@github.com:katalyst/bowerbird_v2.git
  revision: 853768388038b3eb5641065c7b63e087b305e804
  specs:
    bowerbird_v2 (2.0.5)
      bootstrap-sass (= 2.0.2)

PATH
  remote: .
  specs:
    koi (1.0.0.beta)
      acts-as-taggable-on (~> 2.2.0)
      cancan (~> 1.6.7)
      devise (~> 2.0.1)
      dragonfly (~> 0.9.9)
      factory_girl_rails
      friendly_id (~> 4.0.0)
      garb
      has (~> 1.0.3)
      has_scope (~> 0.5.1)
      inherited_resources (~> 1.3.1)
      jquery-rails
      kaminari (~> 0.13.0)
      mysql2 (~> 0.3.11)
      nested_set (~> 1.7.0)
      rails (= 3.2.3)
      responders (~> 0.9.1)
      scoped_search (~> 2.3.6)
      seedbank (~> 0.0.7)
      sendgrid (~> 1.0.1)
      simple-navigation (~> 3.6.0)
      simple_form (~> 2.0.1)
      squeel (~> 0.9.3)
      uuidtools (~> 2.1.2)

GEM
  remote: http://rubygems.org/
  specs:
    actionmailer (3.2.3)
      actionpack (= 3.2.3)
      mail (~> 2.4.4)
    actionpack (3.2.3)
      activemodel (= 3.2.3)
      activesupport (= 3.2.3)
      builder (~> 3.0.0)
      erubis (~> 2.7.0)
      journey (~> 1.0.1)
      rack (~> 1.4.0)
      rack-cache (~> 1.2)
      rack-test (~> 0.6.1)
      sprockets (~> 2.1.2)
    activemodel (3.2.3)
      activesupport (= 3.2.3)
      builder (~> 3.0.0)
    activerecord (3.2.3)
      activemodel (= 3.2.3)
      activesupport (= 3.2.3)
      arel (~> 3.0.2)
      tzinfo (~> 0.3.29)
    activeresource (3.2.3)
      activemodel (= 3.2.3)
      activesupport (= 3.2.3)
    activesupport (3.2.3)
      i18n (~> 0.6)
      multi_json (~> 1.0)
    acts-as-taggable-on (2.2.2)
      rails (~> 3.0)
    addressable (2.2.8)
    archive-tar-minitar (0.5.2)
    arel (3.0.2)
    bcrypt-ruby (3.0.1)
    bootstrap-sass (2.0.2)
    builder (3.0.0)
    cancan (1.6.7)
    coderay (1.0.6)
    coffee-rails (3.2.2)
      coffee-script (>= 2.2.0)
      railties (~> 3.2.0)
    coffee-script (2.2.0)
      coffee-script-source
      execjs
    coffee-script-source (1.3.3)
    columnize (0.3.6)
    crack (0.3.1)
    devise (2.0.4)
      bcrypt-ruby (~> 3.0)
      orm_adapter (~> 0.0.3)
      railties (~> 3.1)
      warden (~> 1.1.1)
    diff-lcs (1.1.3)
    diffy (2.0.6)
    dragonfly (0.9.12)
      rack
    em-websocket (0.3.6)
      addressable (>= 2.1.1)
      eventmachine (>= 0.12.9)
    erubis (2.7.0)
    eventmachine (0.12.10)
    execjs (1.3.2)
      multi_json (~> 1.0)
    factory_girl (3.3.0)
      activesupport (>= 3.0.0)
    factory_girl_rails (3.3.0)
      factory_girl (~> 3.3.0)
      railties (>= 3.0.0)
    ffi (1.0.11)
    forgery (0.5.0)
    friendly_id (4.0.5)
    garb (0.9.1)
      activesupport (>= 2.2.0)
      crack (>= 0.1.6)
    grit (2.5.0)
      diff-lcs (~> 1.1)
      mime-types (~> 1.15)
      posix-spawn (~> 0.3.6)
    guard (1.0.3)
      ffi (>= 0.5.0)
      thor (>= 0.14.6)
    guard-livereload (0.4.2)
      em-websocket (>= 0.2.0)
      guard (>= 0.10.0)
      multi_json (~> 1.0)
    guard-test (0.4.3)
      guard (>= 0.4)
      test-unit (~> 2.2)
    has (1.0.3)
      rails (>= 3.0.0)
    has_scope (0.5.1)
    hike (1.2.1)
    i18n (0.6.0)
    inherited_resources (1.3.1)
      has_scope (~> 0.5.0)
      responders (~> 0.6)
    journey (1.0.3)
    jquery-rails (2.0.2)
      railties (>= 3.2.0, < 5.0)
      thor (~> 0.14)
    json (1.7.3)
    kaminari (0.13.0)
      actionpack (>= 3.0.0)
      activesupport (>= 3.0.0)
      railties (>= 3.0.0)
    linecache19 (0.5.12)
      ruby_core_source (>= 0.1.4)
    mail (2.4.4)
      i18n (>= 0.4.0)
      mime-types (~> 1.16)
      treetop (~> 1.4.8)
    method_source (0.7.1)
    mime-types (1.18)
    multi_json (1.3.5)
    mysql2 (0.3.11)
    nested_set (1.7.0)
      activerecord (>= 3.0.0)
      railties (>= 3.0.0)
    orm_adapter (0.0.7)
    polyamorous (0.5.0)
      activerecord (~> 3.0)
    polyglot (0.3.3)
    posix-spawn (0.3.6)
    powder (0.1.7)
      thor (>= 0.11.5)
    pry (0.9.9.6)
      coderay (~> 1.0.5)
      method_source (~> 0.7.1)
      slop (>= 2.4.4, < 3)
    pry-doc (0.4.2)
      pry (>= 0.9.0)
      yard (~> 0.8.1)
    pry-git (0.2.3)
      diffy
      grit
      pry (>= 0.9.8)
    rack (1.4.1)
    rack-cache (1.2)
      rack (>= 0.4)
    rack-ssl (1.3.2)
      rack
    rack-test (0.6.1)
      rack (>= 1.0)
    rails (3.2.3)
      actionmailer (= 3.2.3)
      actionpack (= 3.2.3)
      activerecord (= 3.2.3)
      activeresource (= 3.2.3)
      activesupport (= 3.2.3)
      bundler (~> 1.0)
      railties (= 3.2.3)
    railties (3.2.3)
      actionpack (= 3.2.3)
      activesupport (= 3.2.3)
      rack-ssl (~> 1.3.2)
      rake (>= 0.8.7)
      rdoc (~> 3.4)
      thor (~> 0.14.6)
    rake (0.9.2.2)
    rdoc (3.12)
      json (~> 1.4)
    responders (0.9.1)
      railties (~> 3.1)
    ruby-debug-base19 (0.11.25)
      columnize (>= 0.3.1)
      linecache19 (>= 0.5.11)
      ruby_core_source (>= 0.1.4)
    ruby-debug19 (0.11.6)
      columnize (>= 0.3.1)
      linecache19 (>= 0.5.11)
      ruby-debug-base19 (>= 0.11.19)
    ruby_core_source (0.1.5)
      archive-tar-minitar (>= 0.5.2)
    ruby_gntp (0.3.4)
    sass (3.1.18)
    sass-rails (3.2.5)
      railties (~> 3.2.0)
      sass (>= 3.1.10)
      tilt (~> 1.3)
    scoped_search (2.3.7)
      activerecord (>= 2.1.0)
    seedbank (0.0.8)
    sendgrid (1.0.1)
      json
      json
    simple-navigation (3.6.0)
      activesupport (>= 2.3.2)
    simple_form (2.0.2)
      actionpack (~> 3.0)
      activemodel (~> 3.0)
    slop (2.4.4)
    sprockets (2.1.3)
      hike (~> 1.2)
      rack (~> 1.0)
      tilt (~> 1.1, != 1.3.0)
    squeel (0.9.5)
      activerecord (~> 3.0)
      activesupport (~> 3.0)
      polyamorous (~> 0.5.0)
    test-unit (2.4.8)
    thor (0.14.6)
    tilt (1.3.3)
    treetop (1.4.10)
      polyglot
      polyglot (>= 0.3.1)
    tzinfo (0.3.33)
    uglifier (1.2.4)
      execjs (>= 0.3.0)
      multi_json (>= 1.0.2)
    uuidtools (2.1.2)
    warden (1.1.1)
      rack (>= 1.0)
    yard (0.8.1)

PLATFORMS
  ruby

DEPENDENCIES
  awesome_nested_fields!
  bootstrap-wysihtml5-rails!
  bowerbird_v2!
  coffee-rails (~> 3.2.1)
  forgery
  guard
  guard-livereload
  guard-test
  i18n-active_record!
  jquery-rails
  koi!
  koi_config!
  powder
  pry
  pry-doc
  pry-git
  ruby-debug19
  ruby_gntp
  sass-rails (~> 3.1)
  uglifier (>= 1.0.3)
