GIT
  remote: git://github.com/katalyst/ornament.git
  revision: 4b08deb29991d62c8fd4129390850da67b11496a
  branch: master
  specs:
    ornament (1.2.5)
      rails (>= 3.0.0)

GIT
  remote: https://github.com/katalyst/koi_config.git
  revision: 6862db8d37b01afb0d2037d70de16a93dfb0274f
  specs:
    koi_config (0.0.1)

PATH
  remote: .
  specs:
    koi (3.0.0)
      active_model_serializers (~> 0.10.6)
      activevalidators (~> 4.0.2)
      acts-as-taggable-on (~> 4.0.0)
      awesome_nested_set (~> 3.1.3)
      cocoon (~> 1.2.10)
      compass (~> 1.0.3)
      compass-rails (~> 3.0.2)
      countries (~> 1.2.5)
      devise (~> 4.3.0)
      dragonfly (~> 1.1.2)
      figaro (~> 1.1.1)
      friendly_id (~> 5.2.1)
      garb (~> 0.9.8)
      has_scope (~> 0.7.1)
      htmlentities (~> 4.3.4)
      inherited_resources (~> 1.7.2)
      jquery-rails (~> 4.3.1)
      jquery-ui-rails (~> 6.0.1)
      kaminari (~> 1.0.1)
      mime-types (~> 3.1)
      pg
      puma (~> 3.8.2)
      rails (~> 5.1.5)
      redis (~> 3.3.3)
      responders (~> 2.4.0)
      rickshaw_rails (~> 1.4.5)
      scoped_search (~> 4.1.0)
      select2-rails (~> 3.5.9)
      sendgrid (~> 1.2.4)
      sidekiq (~> 5.0.0)
      simple-navigation (~> 3.14)
      simple_form (~> 3.5.0)
      uglifier (~> 3.2.0)
      uuidtools (~> 2.1.5)

GEM
  remote: http://rubygems.org/
  specs:
    actioncable (5.1.5)
      actionpack (= 5.1.5)
      nio4r (~> 2.0)
      websocket-driver (~> 0.6.1)
    actionmailer (5.1.5)
      actionpack (= 5.1.5)
      actionview (= 5.1.5)
      activejob (= 5.1.5)
      mail (~> 2.5, >= 2.5.4)
      rails-dom-testing (~> 2.0)
    actionpack (5.1.5)
      actionview (= 5.1.5)
      activesupport (= 5.1.5)
      rack (~> 2.0)
      rack-test (>= 0.6.3)
      rails-dom-testing (~> 2.0)
      rails-html-sanitizer (~> 1.0, >= 1.0.2)
    actionview (5.1.5)
      activesupport (= 5.1.5)
      builder (~> 3.1)
      erubi (~> 1.4)
      rails-dom-testing (~> 2.0)
      rails-html-sanitizer (~> 1.0, >= 1.0.3)
    active_model_serializers (0.10.7)
      actionpack (>= 4.1, < 6)
      activemodel (>= 4.1, < 6)
      case_transform (>= 0.2)
      jsonapi-renderer (>= 0.1.1.beta1, < 0.3)
    activejob (5.1.5)
      activesupport (= 5.1.5)
      globalid (>= 0.3.6)
    activemodel (5.1.5)
      activesupport (= 5.1.5)
    activerecord (5.1.5)
      activemodel (= 5.1.5)
      activesupport (= 5.1.5)
      arel (~> 8.0)
    activesupport (5.1.5)
      concurrent-ruby (~> 1.0, >= 1.0.2)
      i18n (~> 0.7)
      minitest (~> 5.1)
      tzinfo (~> 1.1)
    activevalidators (4.0.3)
      activemodel (>= 3.0)
      countries (~> 1.2)
      credit_card_validations (~> 3.2)
      date_validator
      mail
      phony (~> 2.0)
      rake
    acts-as-taggable-on (4.0.0)
      activerecord (>= 4.0)
    addressable (2.5.2)
      public_suffix (>= 2.0.2, < 4.0)
    arel (8.0.0)
    awesome_nested_set (3.1.4)
      activerecord (>= 4.0.0, < 5.3)
    bcrypt (3.1.11)
    better_errors (2.1.1)
      coderay (>= 1.0.0)
      erubis (>= 2.6.6)
      rack (>= 0.9.0)
    builder (3.2.3)
    byebug (9.0.6)
    case_transform (0.2)
      activesupport
    chunky_png (1.3.10)
    cocoon (1.2.11)
    coderay (1.1.1)
    compass (1.0.3)
      chunky_png (~> 1.2)
      compass-core (~> 1.0.2)
      compass-import-once (~> 1.0.5)
      rb-fsevent (>= 0.9.3)
      rb-inotify (>= 0.9)
      sass (>= 3.3.13, < 3.5)
    compass-core (1.0.3)
      multi_json (~> 1.0)
      sass (>= 3.3.0, < 3.5)
    compass-import-once (1.0.5)
      sass (>= 3.2, < 3.5)
    compass-rails (3.0.2)
      compass (~> 1.0.0)
      sass-rails (< 5.1)
      sprockets (< 4.0)
    concurrent-ruby (1.0.5)
    connection_pool (2.2.1)
    countries (1.2.5)
      currencies (~> 0.4.2)
      i18n_data (~> 0.7.0)
    crass (1.0.3)
    credit_card_validations (3.5.0)
      activemodel (>= 3, <= 6)
      activesupport (>= 3, <= 6)
    currencies (0.4.2)
    date_validator (0.9.0)
      activemodel
      activesupport
    devise (4.3.0)
      bcrypt (~> 3.0)
      orm_adapter (~> 0.1)
      railties (>= 4.1.0, < 5.2)
      responders
      warden (~> 1.2.3)
    dragonfly (1.1.4)
      addressable (~> 2.3)
      multi_json (~> 1.0)
      rack (>= 1.3)
    erubi (1.7.1)
    erubis (2.7.0)
    execjs (2.7.0)
    ffi (1.9.23)
    figaro (1.1.1)
      thor (~> 0.14)
    friendly_id (5.2.3)
      activerecord (>= 4.0.0)
    garb (0.9.8)
      activesupport (>= 2.2)
      multi_json (>= 1.3)
    globalid (0.4.1)
      activesupport (>= 4.2.0)
    has_scope (0.7.1)
      actionpack (>= 4.1, < 5.2)
      activesupport (>= 4.1, < 5.2)
    htmlentities (4.3.4)
    i18n (0.9.5)
      concurrent-ruby (~> 1.0)
    i18n_data (0.7.0)
    inherited_resources (1.7.2)
      actionpack (>= 3.2, < 5.2.x)
      has_scope (~> 0.6)
      railties (>= 3.2, < 5.2.x)
      responders
    jquery-rails (4.3.1)
      rails-dom-testing (>= 1, < 3)
      railties (>= 4.2.0)
      thor (>= 0.14, < 2.0)
    jquery-ui-rails (6.0.1)
      railties (>= 3.2.16)
    json (2.1.0)
    jsonapi-renderer (0.2.0)
    kaminari (1.0.1)
      activesupport (>= 4.1.0)
      kaminari-actionview (= 1.0.1)
      kaminari-activerecord (= 1.0.1)
      kaminari-core (= 1.0.1)
    kaminari-actionview (1.0.1)
      actionview
      kaminari-core (= 1.0.1)
    kaminari-activerecord (1.0.1)
      activerecord
      kaminari-core (= 1.0.1)
    kaminari-core (1.0.1)
    karo (2.5.2)
      thor (~> 0.19)
    loofah (2.2.2)
      crass (~> 1.0.2)
      nokogiri (>= 1.5.9)
    mail (2.7.0)
      mini_mime (>= 0.1.1)
    method_source (0.8.2)
    mime-types (3.1)
      mime-types-data (~> 3.2015)
    mime-types-data (3.2016.0521)
    mini_mime (1.0.0)
    mini_portile2 (2.3.0)
    minitest (5.11.3)
    multi_json (1.13.1)
    nio4r (2.2.0)
    nokogiri (1.8.2)
      mini_portile2 (~> 2.3.0)
    orm_adapter (0.5.0)
    pg (1.0.0)
    phony (2.16.3)
    pry (0.10.4)
      coderay (~> 1.1.0)
      method_source (~> 0.8.1)
      slop (~> 3.4)
    pry-rails (0.3.6)
      pry (>= 0.10.4)
    public_suffix (3.0.0)
    puma (3.8.2)
    rack (2.0.3)
    rack-protection (2.0.1)
      rack
    rack-test (0.8.3)
      rack (>= 1.0, < 3)
    rails (5.1.5)
      actioncable (= 5.1.5)
      actionmailer (= 5.1.5)
      actionpack (= 5.1.5)
      actionview (= 5.1.5)
      activejob (= 5.1.5)
      activemodel (= 5.1.5)
      activerecord (= 5.1.5)
      activesupport (= 5.1.5)
      bundler (>= 1.3.0)
      railties (= 5.1.5)
      sprockets-rails (>= 2.0.0)
    rails-dom-testing (2.0.3)
      activesupport (>= 4.2.0)
      nokogiri (>= 1.6)
    rails-html-sanitizer (1.0.3)
      loofah (~> 2.0)
    railties (5.1.5)
      actionpack (= 5.1.5)
      activesupport (= 5.1.5)
      method_source
      rake (>= 0.8.7)
      thor (>= 0.18.1, < 2.0)
    rake (12.3.0)
    rb-fsevent (0.10.3)
    rb-inotify (0.9.10)
      ffi (>= 0.5.0, < 2)
    redis (3.3.5)
    responders (2.4.0)
      actionpack (>= 4.2.0, < 5.3)
      railties (>= 4.2.0, < 5.3)
    rickshaw_rails (1.4.5)
      railties (>= 3.1.0)
    sass (3.4.25)
    sass-rails (5.0.7)
      railties (>= 4.0.0, < 6)
      sass (~> 3.1)
      sprockets (>= 2.8, < 4.0)
      sprockets-rails (>= 2.0, < 4.0)
      tilt (>= 1.1, < 3)
    scoped_search (4.1.3)
      activerecord (>= 4.2.0)
    select2-rails (3.5.10)
      thor (~> 0.14)
    sendgrid (1.2.4)
      json
    sidekiq (5.0.5)
      concurrent-ruby (~> 1.0)
      connection_pool (~> 2.2, >= 2.2.0)
      rack-protection (>= 1.5.0)
      redis (>= 3.3.4, < 5)
    simple-navigation (3.14.0)
      activesupport (>= 2.3.2)
    simple_form (3.5.0)
      actionpack (> 4, < 5.2)
      activemodel (> 4, < 5.2)
    slop (3.6.0)
    sprockets (3.7.1)
      concurrent-ruby (~> 1.0)
      rack (> 1, < 3)
    sprockets-rails (3.2.1)
      actionpack (>= 4.0)
      activesupport (>= 4.0)
      sprockets (>= 3.0.0)
    thor (0.19.4)
    thread_safe (0.3.6)
    tilt (2.0.8)
    tzinfo (1.2.5)
      thread_safe (~> 0.1)
    uglifier (3.2.0)
      execjs (>= 0.3.0, < 3)
    uuidtools (2.1.5)
    warden (1.2.7)
      rack (>= 1.0)
    websocket-driver (0.6.5)
      websocket-extensions (>= 0.1.0)
    websocket-extensions (0.1.3)

PLATFORMS
  ruby

DEPENDENCIES
  better_errors
  byebug
  karo
  koi!
  koi_config!
  ornament!
  pry-rails
  tzinfo-data

BUNDLED WITH
   1.16.1
