GIT
  remote: https://github.com/katalyst/awesome_nested_fields.git
  revision: bc9c686234c5ebff6f8052d613576cfff159434f
  specs:
    awesome_nested_fields (0.5.3)
      rails (>= 3.0.0)

GIT
  remote: https://github.com/katalyst/bowerbird_v2.git
  revision: d03dfa3737a1bb970096bae016c0a5ad3a7ef407
  specs:
    bowerbird_v2 (2.0.6)
      bootstrap-sass (= 2.0.4.2)

GIT
  remote: https://github.com/katalyst/koi_config.git
  revision: d25a662fce55b794b289250c4d7f5d2f808e0f5d
  specs:
    koi_config (0.0.1)

GIT
  remote: https://github.com/svenfuchs/i18n-active_record.git
  revision: 4628202f676aecfbc00d404342e61f75078d9439
  branch: rails-3.2
  specs:
    i18n-active_record (0.0.2)
      i18n (>= 0.6.0)

PATH
  remote: .
  specs:
    koi (1.2.0)
      activevalidators (~> 2.0.1)
      acts-as-taggable-on (~> 2.4.1)
      cocoon
      coffee-rails
      devise (~> 3.2.4)
      dragonfly (~> 0.9.9)
      figaro
      friendly_id (~> 4.0.0)
      garb
      has (~> 1.0.3)
      has_scope
      inherited_resources (~> 1.4.1)
      jquery-rails (~> 3.1.1)
      jquery-ui-rails (~> 4.2.1)
      kaminari (~> 0.14.0)
      nested_set (~> 1.7.0)
      rails (~> 3.2.0)
      redis
      responders
      rickshaw_rails
      scoped_search (~> 2.6.0)
      select2-rails
      sendgrid (~> 1.2.0)
      sidekiq
      simple-navigation (~> 3.11.0)
      simple_form (~> 2.1.0)
      sinatra (>= 1.3.0)
      uuidtools (~> 2.1.2)

GEM
  remote: http://rubygems.org/
  specs:
    actionmailer (3.2.22.5)
      actionpack (= 3.2.22.5)
      mail (~> 2.5.4)
    actionpack (3.2.22.5)
      activemodel (= 3.2.22.5)
      activesupport (= 3.2.22.5)
      builder (~> 3.0.0)
      erubis (~> 2.7.0)
      journey (~> 1.0.4)
      rack (~> 1.4.5)
      rack-cache (~> 1.2)
      rack-test (~> 0.6.1)
      sprockets (~> 2.2.1)
    activemodel (3.2.22.5)
      activesupport (= 3.2.22.5)
      builder (~> 3.0.0)
    activerecord (3.2.22.5)
      activemodel (= 3.2.22.5)
      activesupport (= 3.2.22.5)
      arel (~> 3.0.2)
      tzinfo (~> 0.3.29)
    activeresource (3.2.22.5)
      activemodel (= 3.2.22.5)
      activesupport (= 3.2.22.5)
    activesupport (3.2.22.5)
      i18n (~> 0.6, >= 0.6.4)
      multi_json (~> 1.0)
    activevalidators (2.0.2)
      activemodel (>= 3.0.0)
      countries (~> 0.8.2)
      date_validator
      mail
      phony (~> 1.7.4)
      rake (>= 0.8.7)
    acts-as-taggable-on (2.4.1)
      rails (>= 3, < 5)
    arel (3.0.3)
    bcrypt (3.1.13)
    bootstrap-sass (2.0.4.2)
    builder (3.0.4)
    cocoon (1.2.14)
    coffee-rails (3.2.2)
      coffee-script (>= 2.2.0)
      railties (~> 3.2.0)
    coffee-script (2.2.0)
      coffee-script-source
      execjs
    coffee-script-source (1.6.3)
    concurrent-ruby (1.1.6)
    connection_pool (2.2.2)
    countries (0.8.4)
      currencies (>= 0.4.0)
    currencies (0.4.2)
    date_validator (0.9.0)
      activemodel
      activesupport
    devise (3.2.4)
      bcrypt (~> 3.0)
      orm_adapter (~> 0.1)
      railties (>= 3.2.6, < 5)
      thread_safe (~> 0.1)
      warden (~> 1.2.3)
    dragonfly (0.9.15)
      multi_json (~> 1.0)
      rack
    erubis (2.7.0)
    execjs (2.0.1)
    figaro (1.1.1)
      thor (~> 0.14)
    friendly_id (4.0.10.1)
      activerecord (>= 3.0, < 4.0)
    garb (0.9.8)
      activesupport (>= 2.2)
      multi_json (>= 1.3)
    has (1.0.3)
      rails (>= 3.0.0)
    has_scope (0.6.0)
      actionpack (>= 3.2, < 5)
      activesupport (>= 3.2, < 5)
    hike (1.2.3)
    i18n (0.9.5)
      concurrent-ruby (~> 1.0)
    inherited_resources (1.4.1)
      has_scope (~> 0.6.0.rc)
      responders (~> 1.0.0.rc)
    journey (1.0.4)
    jquery-rails (3.1.1)
      railties (>= 3.0, < 5.0)
      thor (>= 0.14, < 2.0)
    jquery-ui-rails (4.2.1)
      railties (>= 3.2.16)
    json (1.8.6)
    kaminari (0.14.1)
      actionpack (>= 3.0.0)
      activesupport (>= 3.0.0)
    mail (2.5.5)
      mime-types (~> 1.16)
      treetop (~> 1.4.8)
    mime-types (1.25.1)
    multi_json (1.14.1)
    nested_set (1.7.1)
      activerecord (>= 3.0.0)
      railties (>= 3.0.0)
    orm_adapter (0.5.0)
    phony (1.7.12)
    polyglot (0.3.5)
    rack (1.4.7)
    rack-cache (1.11.0)
      rack (>= 0.4)
    rack-protection (1.5.5)
      rack
    rack-ssl (1.3.4)
      rack
    rack-test (0.6.3)
      rack (>= 1.0)
    rails (3.2.22.5)
      actionmailer (= 3.2.22.5)
      actionpack (= 3.2.22.5)
      activerecord (= 3.2.22.5)
      activeresource (= 3.2.22.5)
      activesupport (= 3.2.22.5)
      bundler (~> 1.0)
      railties (= 3.2.22.5)
    railties (3.2.22.5)
      actionpack (= 3.2.22.5)
      activesupport (= 3.2.22.5)
      rack-ssl (~> 1.3.2)
      rake (>= 0.8.7)
      rdoc (~> 3.4)
      thor (>= 0.14.6, < 2.0)
    rake (13.0.1)
    rdoc (3.12.2)
      json (~> 1.4)
    redis (4.1.3)
    responders (1.0.0)
      railties (>= 3.2, < 5)
    rickshaw_rails (1.4.5)
      railties (>= 3.1.0)
    sass (3.2.10)
    sass-rails (3.2.6)
      railties (~> 3.2.0)
      sass (>= 3.1.10)
      tilt (~> 1.3)
    scoped_search (2.6.5)
      activerecord (>= 2.1.0)
    select2-rails (4.0.3)
      thor (~> 0.14)
    sendgrid (1.2.4)
      json
    sidekiq (5.2.8)
      connection_pool (~> 2.2, >= 2.2.2)
      rack (< 2.1.0)
      rack-protection (>= 1.5.0)
      redis (>= 3.3.5, < 5)
    simple-navigation (3.11.0)
      activesupport (>= 2.3.2)
    simple_form (2.1.3)
      actionpack (~> 3.0)
      activemodel (~> 3.0)
    sinatra (1.4.6)
      rack (~> 1.4)
      rack-protection (~> 1.4)
      tilt (>= 1.3, < 3)
    sprockets (2.2.3)
      hike (~> 1.2)
      multi_json (~> 1.0)
      rack (~> 1.0)
      tilt (~> 1.1, != 1.3.0)
    thor (0.20.3)
    thread_safe (0.3.6)
    tilt (1.4.1)
    treetop (1.4.15)
      polyglot
      polyglot (>= 0.3.1)
    tzinfo (0.3.56)
    uglifier (2.2.1)
      execjs (>= 0.3.0)
      multi_json (~> 1.0, >= 1.0.2)
    uuidtools (2.1.5)
    warden (1.2.7)
      rack (>= 1.0)

PLATFORMS
  ruby

DEPENDENCIES
  awesome_nested_fields!
  bowerbird_v2!
  coffee-rails
  i18n-active_record!
  jquery-rails
  jquery-ui-rails (~> 4.2.1)
  koi!
  koi_config!
  sass-rails (~> 3.1)
  uglifier (>= 1.0.3)

BUNDLED WITH
   1.17.3
